GEM
  remote: https://rubygems.org/
  specs:
    rb-fsevent (0.9.3)
    sass (3.2.12)

PLATFORMS
  ruby

DEPENDENCIES
  rb-fsevent (~> 0.9)
  sass
